GEM
  remote: http://rubygems.org/
  specs:
    addressable (2.2.8)
    bson (1.5.2)
    bson_ext (1.5.2)
      bson (= 1.5.2)
    excon (0.14.0)
    haml (3.1.6)
    heroku (2.26.3)
      heroku-api (~> 0.2.1)
      launchy (>= 0.3.2)
      netrc (~> 0.7.2)
      rest-client (~> 1.6.1)
      rubyzip
    heroku-api (0.2.4)
      excon (~> 0.14.0)
    i18n (0.6.0)
    json (1.7.3)
    launchy (2.1.0)
      addressable (~> 2.2.6)
    mail (2.4.4)
      i18n (>= 0.4.0)
      mime-types (~> 1.16)
      treetop (~> 1.4.8)
    mime-types (1.18)
    mongo (1.5.2)
      bson (= 1.5.2)
    multi_json (1.1.0)
    netrc (0.7.2)
    polyglot (0.3.3)
    pony (1.4)
      mail (> 2.0)
    rack (1.4.1)
    rack-protection (1.2.0)
      rack
    rake (0.9.2.2)
    redis (2.2.2)
    redis-namespace (1.0.3)
      redis (< 3.0.0)
    resque (1.20.0)
      multi_json (~> 1.0)
      redis-namespace (~> 1.0.2)
      sinatra (>= 0.9.2)
      vegas (~> 0.1.2)
    rest-client (1.6.7)
      mime-types (>= 1.16)
    rubyzip (0.9.8)
    sass (3.1.19)
    sinatra (1.3.2)
      rack (~> 1.3, >= 1.3.6)
      rack-protection (~> 1.2)
      tilt (~> 1.3, >= 1.3.3)
    system_timer (1.2.4)
    tilt (1.3.3)
    treetop (1.4.10)
      polyglot
      polyglot (>= 0.3.1)
    vegas (0.1.11)
      rack (>= 1.0.0)

PLATFORMS
  ruby

DEPENDENCIES
  bson_ext
  haml
  heroku
  json
  mongo
  pony
  rake
  redis
  resque
  sass
  sinatra
  system_timer
